GEM
  remote: https://rubygems.org/
  specs:
    json (2.2.0)
    minitest (5.11.3)

PLATFORMS
  ruby

DEPENDENCIES
  json
  minitest

BUNDLED WITH
   1.17.2
